GIT
  remote: https://github.com/travis-ci/travis-lint.git
  revision: d833a22d0673f378d227205eedfd022a545421c4
  specs:
    travis-lint (1.8.0.pre)
      hashr (~> 0.0.22)
      safe_yaml (~> 0.9.0)

GEM
  remote: https://rubygems.org/
  specs:
    diff-lcs (1.1.3)
    haml (3.1.4)
    hashr (0.0.22)
    json (1.6.5)
    metaclass (0.0.1)
    mocha (0.10.3)
      metaclass (~> 0.0.1)
    rack (1.4.1)
    rack-protection (1.2.0)
      rack
    rack-test (0.6.1)
      rack (>= 1.0)
    rake (0.9.2.2)
    rspec (2.8.0)
      rspec-core (~> 2.8.0)
      rspec-expectations (~> 2.8.0)
      rspec-mocks (~> 2.8.0)
    rspec-core (2.8.0)
    rspec-expectations (2.8.0)
      diff-lcs (~> 1.1.2)
    rspec-mocks (2.8.0)
    safe_yaml (0.9.7)
    sass (3.1.12)
    sinatra (1.3.2)
      rack (~> 1.3, >= 1.3.6)
      rack-protection (~> 1.2)
      tilt (~> 1.3, >= 1.3.3)
    tilt (1.3.3)

PLATFORMS
  ruby

DEPENDENCIES
  haml (~> 3.1)
  json (~> 1.6)
  mocha (~> 0.10)
  rack-test (~> 0.6)
  rake (~> 0.9)
  rspec (~> 2.8)
  sass (~> 3.1)
  sinatra (~> 1.3)
  travis-lint!
